GEM
  remote: http://rubygems.org/
  specs:
    builder (3.0.0)
    git (1.2.5)
    guard (0.4.2)
      thor (~> 0.14.6)
    guard-bundler (0.1.3)
      bundler (>= 1.0.0)
      guard (>= 0.2.2)
    guard-test (0.3.0)
      guard (>= 0.2.2)
      test-unit (~> 2.2)
    hpricot (0.8.4)
    jeweler (1.6.2)
      bundler (~> 1.0)
      git (>= 1.2.5)
      rake
    maruku (0.6.0)
      syntax (>= 1.0.0)
    rack (1.3.0)
    rake (0.9.2)
    rdiscount (1.6.8)
    riot (0.12.4)
      rr
    rr (1.0.2)
    syntax (1.0.0)
    test-unit (2.3.0)
    thor (0.14.6)

PLATFORMS
  ruby

DEPENDENCIES
  builder
  guard
  guard-bundler
  guard-test
  hpricot
  jeweler
  maruku
  rack
  rake
  rdiscount
  riot
